GEM
  remote: https://rubygems.org/
  specs:
    chipmunk (6.1.3.4)
    gosu (0.15.1)

PLATFORMS
  ruby

DEPENDENCIES
  chipmunk (~> 6.1, >= 6.1.3.4)
  gosu (~> 0.15.1)

BUNDLED WITH
   2.1.4
